PATH
  remote: .
  specs:
    ProMotion (1.2.0)
      methadone (~> 1.3.2)
      motion-require (~> 0.2.0)

GEM
  remote: https://rubygems.org/
  specs:
    methadone (1.3.2)
      bundler
    motion-redgreen (0.1.0)
    motion-require (0.2.0)
    motion-stump (0.3.1)
    rake (13.0.1)
    webstub (1.0.1)

PLATFORMS
  ruby

DEPENDENCIES
  ProMotion!
  motion-redgreen (~> 0.1.0)
  motion-require
  motion-stump (~> 0.3.1)
  rake (~> 13.0.1)
  webstub (~> 1.0.1)
